PATH
  remote: .
  specs:
    asmodai (0.1.0)
      thor (>= 0.14.6)

GEM
  remote: http://rubygems.org/
  specs:
    thor (0.14.6)

PLATFORMS
  ruby

DEPENDENCIES
  asmodai!
  bundler (>= 1.0.0.rc.5)
  thor (>= 0.14.6)
