PATH
  remote: .
  specs:
    asmodai (0.1.20)
      activesupport (>= 3.0.3)
      bundler (>= 1.0.9)
      i18n (>= 0.5.0)
      thor (>= 0.14.6)

GEM
  remote: http://rubygems.org/
  specs:
    activesupport (3.1.3)
      multi_json (~> 1.0)
    i18n (0.6.0)
    multi_json (1.0.3)
    thor (0.14.6)

PLATFORMS
  ruby

DEPENDENCIES
  activesupport (>= 3.0.3)
  asmodai!
